GEM
  remote: https://rubygems.org/
  specs:
    bson (3.0.4)
    bson_ext (1.5.1)
    daemons (1.2.2)
    eventmachine (1.0.7)
    mongo (2.0.4)
      bson (~> 3.0)
    rack (1.6.1)
    rack-protection (1.5.3)
      rack
    shotgun (0.9.1)
      rack (>= 1.0)
    sinatra (1.4.6)
      rack (~> 1.4)
      rack-protection (~> 1.4)
      tilt (>= 1.3, < 3)
    thin (1.6.3)
      daemons (~> 1.0, >= 1.0.9)
      eventmachine (~> 1.0)
      rack (~> 1.0)
    tilt (2.0.1)

PLATFORMS
  ruby

DEPENDENCIES
  bson_ext
  mongo (= 2.0.4)
  shotgun
  sinatra
  thin
